GIT
  remote: git://github.com/fauxparse/acts_as_list.git
  revision: 312ac92a132b3cd795186b12bf56d779d3fda31f
  specs:
    acts_as_list (0.7.2)
      activerecord (>= 3.0)

GIT
  remote: git://github.com/intridea/oauth2.git
  revision: e0006cb5099bf392f011eb5c49cbec4f893bbdba
  specs:
    oauth2 (1.1.0)
      faraday (>= 0.8, < 0.10)
      jwt (~> 1.0)
      multi_json (~> 1.3)
      multi_xml (~> 0.5)
      rack (>= 1.2, < 3)

GIT
  remote: git://github.com/rspec/rspec-collection_matchers.git
  revision: 6a848765806305396593d4276888083607a2475c
  specs:
    rspec-collection_matchers (1.1.2)
      rspec-expectations (>= 2.99.0.beta1)

GIT
  remote: https://github.com/rails/rails-controller-testing
  revision: 24dd0199536c26370979416280260978183a0c3e
  specs:
    rails-controller-testing (0.1.1)
      actionpack (~> 5.x)
      actionview (~> 5.x)
      activesupport (~> 5.x)

GEM
  remote: https://rubygems.org/
  specs:
    actioncable (5.0.0.beta3)
      actionpack (= 5.0.0.beta3)
      nio4r (~> 1.2)
      websocket-driver (~> 0.6.1)
    actionmailer (5.0.0.beta3)
      actionpack (= 5.0.0.beta3)
      actionview (= 5.0.0.beta3)
      activejob (= 5.0.0.beta3)
      mail (~> 2.5, >= 2.5.4)
      rails-dom-testing (~> 1.0, >= 1.0.5)
    actionpack (5.0.0.beta3)
      actionview (= 5.0.0.beta3)
      activesupport (= 5.0.0.beta3)
      rack (~> 2.x)
      rack-test (~> 0.6.3)
      rails-dom-testing (~> 1.0, >= 1.0.5)
      rails-html-sanitizer (~> 1.0, >= 1.0.2)
    actionview (5.0.0.beta3)
      activesupport (= 5.0.0.beta3)
      builder (~> 3.1)
      erubis (~> 2.7.0)
      rails-dom-testing (~> 1.0, >= 1.0.5)
      rails-html-sanitizer (~> 1.0, >= 1.0.2)
    active_model_serializers (0.10.0.rc4)
      actionpack (>= 4.0)
      activemodel (>= 4.0)
      railties (>= 4.0)
    activejob (5.0.0.beta3)
      activesupport (= 5.0.0.beta3)
      globalid (>= 0.3.6)
    activemodel (5.0.0.beta3)
      activesupport (= 5.0.0.beta3)
    activerecord (5.0.0.beta3)
      activemodel (= 5.0.0.beta3)
      activesupport (= 5.0.0.beta3)
      arel (~> 7.0)
    activesupport (5.0.0.beta3)
      concurrent-ruby (~> 1.0)
      i18n (~> 0.7)
      minitest (~> 5.1)
      tzinfo (~> 1.1)
    addressable (2.4.0)
    arel (7.0.0)
    ast (2.2.0)
    babel-source (5.8.35)
    babel-transpiler (0.7.0)
      babel-source (>= 4.0, < 6)
      execjs (~> 2.0)
    bourbon (4.2.6)
      sass (~> 3.4)
      thor (~> 0.19)
    builder (3.2.2)
    byebug (8.2.4)
    capybara (2.7.0)
      addressable
      mime-types (>= 1.16)
      nokogiri (>= 1.3.3)
      rack (>= 1.0.0)
      rack-test (>= 0.5.4)
      xpath (~> 2.0)
    cliver (0.3.2)
    codeclimate-test-reporter (0.5.0)
      simplecov (>= 0.7.1, < 1.0.0)
    coderay (1.1.1)
    coffee-rails (4.1.1)
      coffee-script (>= 2.2.0)
      railties (>= 4.0.0, < 5.1.x)
    coffee-script (2.4.1)
      coffee-script-source
      execjs
    coffee-script-source (1.10.0)
    concurrent-ruby (1.0.1)
    cucumber (2.3.3)
      builder (>= 2.1.2)
      cucumber-core (~> 1.4.0)
      cucumber-wire (~> 0.0.1)
      diff-lcs (>= 1.1.3)
      gherkin (~> 3.2.0)
      multi_json (>= 1.7.5, < 2.0)
      multi_test (>= 0.1.2)
    cucumber-core (1.4.0)
      gherkin (~> 3.2.0)
    cucumber-rails (1.4.3)
      capybara (>= 1.1.2, < 3)
      cucumber (>= 1.3.8, < 3)
      mime-types (>= 1.16, < 4)
      nokogiri (~> 1.5)
      railties (>= 3, < 5)
    cucumber-wire (0.0.1)
    database_cleaner (1.5.1)
    debug_inspector (0.0.2)
    diff-lcs (1.2.5)
    docile (1.1.5)
    dotenv (2.1.0)
    dotenv-rails (2.1.0)
      dotenv (= 2.1.0)
      railties (>= 4.0, < 5.1)
    erubis (2.7.0)
    execjs (2.6.0)
    factory_girl (4.7.0)
      activesupport (>= 3.0.0)
    factory_girl_rails (4.7.0)
      factory_girl (~> 4.7.0)
      railties (>= 3.0.0)
    faraday (0.9.2)
      multipart-post (>= 1.2, < 3)
    ffi (1.9.10)
    font-awesome-sass (4.5.0)
      sass (>= 3.2)
    formatador (0.2.5)
    gherkin (3.2.0)
    globalid (0.3.6)
      activesupport (>= 4.1.0)
    guard (2.13.0)
      formatador (>= 0.2.4)
      listen (>= 2.7, <= 4.0)
      lumberjack (~> 1.0)
      nenv (~> 0.1)
      notiffany (~> 0.0)
      pry (>= 0.9.12)
      shellany (~> 0.0)
      thor (>= 0.18.1)
    guard-compat (1.2.1)
    guard-ctags-bundler (1.4.0)
      guard (>= 2.0)
      guard-compat (>= 0.1.0)
    guard-cucumber (2.0.0)
      cucumber (~> 2.0)
      guard-compat (~> 1.0)
      nenv (~> 0.1)
    guard-rspec (4.6.5)
      guard (~> 2.1)
      guard-compat (~> 1.1)
      rspec (>= 2.99.0, < 4.0)
    haml (4.0.7)
      tilt
    hashie (3.4.3)
    i18n (0.7.0)
    jbuilder (2.4.1)
      activesupport (>= 3.0.0, < 5.1)
      multi_json (~> 1.2)
    jquery-rails (4.1.1)
      rails-dom-testing (>= 1, < 3)
      railties (>= 4.2.0)
      thor (>= 0.14, < 2.0)
    json (1.8.3)
    jwt (1.5.4)
    launchy (2.4.3)
      addressable (~> 2.3)
    letter_opener (1.4.1)
      launchy (~> 2.2)
    listen (3.0.6)
      rb-fsevent (>= 0.9.3)
      rb-inotify (>= 0.9.7)
    loofah (2.0.3)
      nokogiri (>= 1.5.9)
    lumberjack (1.0.10)
    mail (2.6.4)
      mime-types (>= 1.16, < 4)
    method_source (0.8.2)
    mime-types (3.0)
      mime-types-data (~> 3.2015)
    mime-types-data (3.2016.0221)
    mini_portile2 (2.0.0)
    minitest (5.8.4)
    multi_json (1.11.2)
    multi_test (0.1.2)
    multi_xml (0.5.5)
    multipart-post (2.0.0)
    neat (1.7.2)
      bourbon (>= 4.0)
      sass (>= 3.3)
    nenv (0.3.0)
    nio4r (1.2.1)
    nokogiri (1.6.7.2)
      mini_portile2 (~> 2.0.0.rc2)
    notiffany (0.0.8)
      nenv (~> 0.1)
      shellany (~> 0.0)
    omniauth (1.3.1)
      hashie (>= 1.2, < 4)
      rack (>= 1.0, < 3)
    omniauth-google-oauth2 (0.4.1)
      jwt (~> 1.5.2)
      multi_json (~> 1.3)
      omniauth (>= 1.1.1)
      omniauth-oauth2 (>= 1.3.1)
    omniauth-oauth2 (1.4.0)
      oauth2 (~> 1.0)
      omniauth (~> 1.2)
    parser (2.3.0.7)
      ast (~> 2.2)
    pg (0.18.4)
    poltergeist (1.9.0)
      capybara (~> 2.1)
      cliver (~> 0.3.1)
      multi_json (~> 1.0)
      websocket-driver (>= 0.2.0)
    powerpack (0.1.1)
    pry (0.10.3)
      coderay (~> 1.1.0)
      method_source (~> 0.8.1)
      slop (~> 3.4)
    pry-rails (0.3.4)
      pry (>= 0.9.10)
    puma (3.4.0)
    rack (2.0.0.alpha)
      json
    rack-test (0.6.3)
      rack (>= 1.0)
    rails (5.0.0.beta3)
      actioncable (= 5.0.0.beta3)
      actionmailer (= 5.0.0.beta3)
      actionpack (= 5.0.0.beta3)
      actionview (= 5.0.0.beta3)
      activejob (= 5.0.0.beta3)
      activemodel (= 5.0.0.beta3)
      activerecord (= 5.0.0.beta3)
      activesupport (= 5.0.0.beta3)
      bundler (>= 1.3.0, < 2.0)
      railties (= 5.0.0.beta3)
      sprockets-rails (>= 2.0.0)
    rails-deprecated_sanitizer (1.0.3)
      activesupport (>= 4.2.0.alpha)
    rails-dom-testing (1.0.7)
      activesupport (>= 4.2.0.beta, < 5.0)
      nokogiri (~> 1.6.0)
      rails-deprecated_sanitizer (>= 1.0.1)
    rails-html-sanitizer (1.0.3)
      loofah (~> 2.0)
    railties (5.0.0.beta3)
      actionpack (= 5.0.0.beta3)
      activesupport (= 5.0.0.beta3)
      method_source
      rake (>= 0.8.7)
      thor (>= 0.18.1, < 2.0)
    rainbow (2.1.0)
    rake (11.1.2)
    rb-fsevent (0.9.7)
    rb-inotify (0.9.7)
      ffi (>= 0.5.0)
    rspec (3.5.0.beta3)
      rspec-core (= 3.5.0.beta3)
      rspec-expectations (= 3.5.0.beta3)
      rspec-mocks (= 3.5.0.beta3)
    rspec-core (3.5.0.beta3)
      rspec-support (= 3.5.0.beta3)
    rspec-expectations (3.5.0.beta3)
      diff-lcs (>= 1.2.0, < 2.0)
      rspec-support (= 3.5.0.beta3)
    rspec-mocks (3.5.0.beta3)
      diff-lcs (>= 1.2.0, < 2.0)
      rspec-support (= 3.5.0.beta3)
    rspec-rails (3.5.0.beta3)
      actionpack (>= 3.0)
      activesupport (>= 3.0)
      railties (>= 3.0)
      rspec-core (= 3.5.0.beta3)
      rspec-expectations (= 3.5.0.beta3)
      rspec-mocks (= 3.5.0.beta3)
      rspec-support (= 3.5.0.beta3)
    rspec-support (3.5.0.beta3)
    rubocop (0.39.0)
      parser (>= 2.3.0.7, < 3.0)
      powerpack (~> 0.1)
      rainbow (>= 1.99.1, < 3.0)
      ruby-progressbar (~> 1.7)
      unicode-display_width (~> 1.0, >= 1.0.1)
    ruby-progressbar (1.7.5)
    sass (3.4.22)
    sass-rails (5.0.4)
      railties (>= 4.0.0, < 5.0)
      sass (~> 3.1)
      sprockets (>= 2.8, < 4.0)
      sprockets-rails (>= 2.0, < 4.0)
      tilt (>= 1.1, < 3)
    shellany (0.0.1)
    shoulda-matchers (3.1.1)
      activesupport (>= 4.0.0)
    simplecov (0.11.2)
      docile (~> 1.1.0)
      json (~> 1.8)
      simplecov-html (~> 0.10.0)
    simplecov-html (0.10.0)
    slop (3.6.0)
    spring (1.7.1)
    spring-commands-cucumber (1.0.1)
      spring (>= 0.9.1)
    spring-commands-rspec (1.0.4)
      spring (>= 0.9.1)
    spring-watcher-listen (2.0.0)
      listen (>= 2.7, < 4.0)
      spring (~> 1.2)
    sprockets (3.6.0)
      concurrent-ruby (~> 1.0)
      rack (> 1, < 3)
    sprockets-es6 (0.9.0)
      babel-source (>= 5.8.11)
      babel-transpiler
      sprockets (>= 3.0.0)
    sprockets-rails (3.0.4)
      actionpack (>= 4.0)
      activesupport (>= 4.0)
      sprockets (>= 3.0.0)
    thor (0.19.1)
    thread_safe (0.3.5)
    tilt (2.0.2)
    timecop (0.8.1)
    tzinfo (1.2.2)
      thread_safe (~> 0.1)
    uglifier (3.0.0)
      execjs (>= 0.3.0, < 3)
    unicode-display_width (1.0.3)
    web-console (3.1.1)
      activemodel (>= 4.2)
      debug_inspector
      railties (>= 4.2)
    websocket-driver (0.6.3)
      websocket-extensions (>= 0.1.0)
    websocket-extensions (0.1.2)
    xpath (2.0.0)
      nokogiri (~> 1.3)

PLATFORMS
  ruby

DEPENDENCIES
  active_model_serializers (>= 0.10.0.rc3)
  acts_as_list!
  bourbon
  byebug
  codeclimate-test-reporter
  coffee-rails (~> 4.1.0)
  cucumber-rails
  database_cleaner
  dotenv-rails
  factory_girl_rails
  font-awesome-sass
  guard-ctags-bundler
  guard-cucumber
  guard-rspec (~> 4.6.5)
  haml
  jbuilder (~> 2.0)
  jquery-rails
  letter_opener
  listen (~> 3.0.5)
  neat
  oauth2!
  omniauth-google-oauth2 (~> 0.4.1)
  omniauth-oauth2 (~> 1.4.0)
  pg (~> 0.18)
  poltergeist
  pry-rails
  puma
  rails (>= 5.0.0.beta3, < 5.1)
  rails-controller-testing!
  rspec (= 3.5.0.beta3)
  rspec-collection_matchers!
  rspec-rails (= 3.5.0.beta3)
  rubocop
  sass-rails (~> 5.0)
  shoulda-matchers
  spring
  spring-commands-cucumber
  spring-commands-rspec
  spring-watcher-listen (~> 2.0.0)
  sprockets (>= 3.0.0.beta)
  sprockets-es6
  timecop
  tzinfo-data
  uglifier (>= 1.3.0)
  web-console (~> 3.0)

BUNDLED WITH
   1.11.2
